PATH
  remote: .
  specs:
    awl_parser (0.0.1)
      parslet

GEM
  remote: http://rubygems.org/
  specs:
    blankslate (2.1.2.4)
    diff-lcs (1.2.5)
    parslet (1.5.0)
      blankslate (~> 2.0)
    rake (10.1.0)
    rspec (2.14.1)
      rspec-core (~> 2.14.0)
      rspec-expectations (~> 2.14.0)
      rspec-mocks (~> 2.14.0)
    rspec-core (2.14.7)
    rspec-expectations (2.14.4)
      diff-lcs (>= 1.1.3, < 2.0)
    rspec-mocks (2.14.4)

PLATFORMS
  ruby

DEPENDENCIES
  awl_parser!
  rake
  rspec
